GEM
  remote: http://rubygems.org/
  specs:
    bson (1.3.0)
    bson_ext (1.3.0)
    diff-lcs (1.1.2)
    grit (2.4.1)
      diff-lcs (~> 1.1)
      mime-types (~> 1.15)
    json (1.5.1)
    mime-types (1.16)
    mongo (1.3.0)
      bson (>= 1.3.0)
    nokogiri (1.4.4)
    rack (1.2.2)
    sinatra (1.2.6)
      rack (~> 1.1)
      tilt (>= 1.2.2, < 2.0)
    tilt (1.3)

PLATFORMS
  ruby

DEPENDENCIES
  bson_ext
  grit
  json
  mongo
  nokogiri
  sinatra
