GEM
  remote: http://rubygems.org/
  specs:
    bson (1.3.0)
    bson_ext (1.3.0)
    diff-lcs (1.1.2)
    grit (2.4.1)
      diff-lcs (~> 1.1)
      mime-types (~> 1.15)
    mime-types (1.16)
    mongo (1.3.0)
      bson (>= 1.3.0)
    nokogiri (1.4.4)

PLATFORMS
  ruby

DEPENDENCIES
  bson_ext
  grit
  mongo
  nokogiri
