GEM
  remote: http://rubygems.org/
  specs:
    bson (1.3.0)
    mongo (1.3.0)
      bson (>= 1.3.0)
    nokogiri (1.4.4)

PLATFORMS
  ruby

DEPENDENCIES
  mongo
  nokogiri
